GEM
  remote: http://rubygems.org/
  specs:
    adsf (1.2.0)
      rack (>= 1.0.0)
    allison (2.0.3)
    chunky_png (1.3.4)
    coderay (1.1.0)
    colored (1.2)
    compass (1.0.3)
      chunky_png (~> 1.2)
      compass-core (~> 1.0.2)
      compass-import-once (~> 1.0.5)
      rb-fsevent (>= 0.9.3)
      rb-inotify (>= 0.9)
      sass (>= 3.3.13, < 3.5)
    compass-core (1.0.3)
      multi_json (~> 1.0)
      sass (>= 3.3.0, < 3.5)
    compass-import-once (1.0.5)
      sass (>= 3.2, < 3.5)
    cri (2.7.0)
      colored (~> 1.2)
    daemons (1.2.3)
    echoe (4.6.3)
      allison (>= 2.0.3)
      gemcutter (>= 0.7.0)
      rake (>= 0.9.2)
      rdoc (>= 3.6.1)
      rubyforge (>= 2.0.4)
    eventmachine (1.0.8)
    execjs (2.6.0)
    ffi (1.9.10)
    formatador (0.2.5)
    fssm (0.2.10)
    gemcutter (0.7.1)
    git-version-bump (0.15.1)
    guard (2.13.0)
      formatador (>= 0.2.4)
      listen (>= 2.7, <= 4.0)
      lumberjack (~> 1.0)
      nenv (~> 0.1)
      notiffany (~> 0.0)
      pry (>= 0.9.12)
      shellany (~> 0.0)
      thor (>= 0.18.1)
    guard-nanoc (1.0.3)
      guard (~> 2.8)
      nanoc (~> 3.6)
    haml (4.0.7)
      tilt
    json (1.8.3)
    json_pure (1.8.0)
    kramdown (1.9.0)
    listen (3.0.3)
      rb-fsevent (>= 0.9.3)
      rb-inotify (>= 0.9)
    lumberjack (1.0.9)
    method_source (0.8.2)
    mime-types (2.6.2)
    mini_portile (0.6.2)
    multi_json (1.11.2)
    nanoc (3.8.0)
      cri (~> 2.3)
    nenv (0.2.0)
    nokogiri (1.6.6.2)
      mini_portile (~> 0.6.0)
    notiffany (0.0.8)
      nenv (~> 0.1)
      shellany (~> 0.0)
    pry (0.10.2)
      coderay (~> 1.1.0)
      method_source (~> 0.8.1)
      slop (~> 3.4)
    rack (1.6.4)
    rack-contrib (1.4.0)
      git-version-bump (~> 0.15)
      rack (~> 1.4)
    rack-rewrite (1.5.1)
    rainpress (1.0)
      echoe
    rake (10.4.2)
    rb-fsevent (0.9.6)
    rb-inotify (0.9.5)
      ffi (>= 0.5.0)
    rdoc (4.0.1)
      json (~> 1.4)
    rubyforge (2.0.4)
      json_pure (>= 1.1.7)
    sass (3.4.18)
    shellany (0.0.1)
    slop (3.6.0)
    thin (1.6.4)
      daemons (~> 1.0, >= 1.0.9)
      eventmachine (~> 1.0, >= 1.0.4)
      rack (~> 1.0)
    thor (0.19.1)
    tilt (2.0.1)
    uglifier (2.7.2)
      execjs (>= 0.3.0)
      json (>= 1.8.0)

PLATFORMS
  ruby

DEPENDENCIES
  adsf
  compass
  fssm
  guard-nanoc
  haml
  kramdown
  mime-types
  nanoc (~> 3.8)
  nokogiri (~> 1.6)
  rack
  rack-contrib
  rack-rewrite
  rainpress
  rake (~> 10.4)
  sass
  thin
  uglifier

BUNDLED WITH
   1.10.6
