GEM
  remote: http://rubygems.org/
  specs:
    cri (2.2.0)
    daemons (1.1.8)
    eventmachine (0.12.10)
    kramdown (0.13.2)
    mime-types (1.17.2)
    nanoc (3.3.1)
      cri (~> 2.1)
    nokogiri (1.5.2)
    rack (1.4.1)
    rack-contrib (1.1.0)
      rack (>= 0.9.1)
    rack-rewrite (1.2.1)
    rake (0.9.2.2)
    thin (1.3.1)
      daemons (>= 1.0.9)
      eventmachine (>= 0.12.6)
      rack (>= 1.0.0)

PLATFORMS
  ruby

DEPENDENCIES
  kramdown (~> 0.13.2)
  mime-types
  nanoc (~> 3.3.1)
  nokogiri (~> 1.5.2)
  rack
  rack-contrib
  rack-rewrite
  rake (~> 0.9.2)
  thin
